PATH
  remote: .
  specs:
    malcolm (0.0.1)
      faraday (~> 0.8.0rc2)
      nori (~> 1.1.0)
      xml-simple (~> 1.1.1)

GEM
  remote: http://rubygems.org/
  specs:
    diff-lcs (1.1.3)
    faraday (0.8.0.rc2)
      multipart-post (~> 1.1)
    multipart-post (1.1.5)
    nori (1.1.0)
    rake (0.9.2.2)
    rspec (2.8.0)
      rspec-core (~> 2.8.0)
      rspec-expectations (~> 2.8.0)
      rspec-mocks (~> 2.8.0)
    rspec-core (2.8.0)
    rspec-expectations (2.8.0)
      diff-lcs (~> 1.1.2)
    rspec-mocks (2.8.0)
    xml-simple (1.1.1)

PLATFORMS
  ruby

DEPENDENCIES
  malcolm!
  rake (~> 0.9.2.2)
  rspec (~> 2.8.0)
