PATH
  remote: .
  specs:
    malcolm (0.0.3)
      faraday (~> 0.8.1)
      gyoku (~> 0.4.4)
      nori (~> 1.1.0)

GEM
  remote: http://rubygems.org/
  specs:
    builder (3.0.0)
    diff-lcs (1.1.3)
    faraday (0.8.1)
      multipart-post (~> 1.1)
    gyoku (0.4.5)
      builder (>= 2.1.2)
    multipart-post (1.1.5)
    nori (1.1.0)
    rake (0.9.2.2)
    rspec (2.10.0)
      rspec-core (~> 2.10.0)
      rspec-expectations (~> 2.10.0)
      rspec-mocks (~> 2.10.0)
    rspec-core (2.10.1)
    rspec-expectations (2.10.0)
      diff-lcs (~> 1.1.3)
    rspec-mocks (2.10.1)

PLATFORMS
  ruby

DEPENDENCIES
  malcolm!
  rake (~> 0.9.2.2)
  rspec (~> 2.10.0)
